PATH
  remote: .
  specs:
    greetings (0.0.1)
      compass (~> 0.12.2)
      haml (~> 3.1.7)
      rdiscount (~> 1.6.8)
      sass (~> 3.2.4)
      sinatra (~> 1.3.3)

GEM
  remote: https://rubygems.org/
  specs:
    chunky_png (1.2.6)
    compass (0.12.2)
      chunky_png (~> 1.2)
      fssm (>= 0.2.7)
      sass (~> 3.1)
    fssm (0.2.9)
    haml (3.1.7)
    rack (1.4.1)
    rack-protection (1.3.2)
      rack
    rdiscount (1.6.8)
    sass (3.2.4)
    sinatra (1.3.3)
      rack (~> 1.3, >= 1.3.6)
      rack-protection (~> 1.2)
      tilt (~> 1.3, >= 1.3.3)
    tilt (1.3.3)

PLATFORMS
  ruby

DEPENDENCIES
  greetings!
